PATH
  remote: .
  specs:
    patterns (0.1.0)
      activerecord (> 4.1)
      rollbar (~> 2.15)
      unirest (~> 1.1)

GEM
  remote: https://rubygems.org/
  specs:
    activemodel (5.1.4)
      activesupport (= 5.1.4)
    activerecord (5.1.4)
      activemodel (= 5.1.4)
      activesupport (= 5.1.4)
      arel (~> 8.0)
    activesupport (5.1.4)
      concurrent-ruby (~> 1.0, >= 1.0.2)
      i18n (~> 0.7)
      minitest (~> 5.1)
      tzinfo (~> 1.1)
    addressable (2.3.8)
    arel (8.0.0)
    concurrent-ruby (1.0.5)
    crack (0.4.3)
      safe_yaml (~> 1.0.0)
    hashdiff (0.3.7)
    i18n (0.9.1)
      concurrent-ruby (~> 1.0)
    json (1.8.6)
    metaclass (0.0.4)
    mime-types (1.25.1)
    minitest (5.10.3)
    mocha (1.3.0)
      metaclass (~> 0.0.1)
    multi_json (1.13.1)
    rake (10.5.0)
    rest-client (1.6.9)
      mime-types (~> 1.16)
    rollbar (2.15.5)
      multi_json
    safe_yaml (1.0.4)
    thread_safe (0.3.6)
    tzinfo (1.2.4)
      thread_safe (~> 0.1)
    unirest (1.1.2)
      addressable (~> 2.3.5)
      json (~> 1.8.1)
      rest-client (~> 1.6.7)
    webmock (3.1.1)
      addressable (>= 2.3.6)
      crack (>= 0.3.2)
      hashdiff

PLATFORMS
  ruby

DEPENDENCIES
  activesupport (> 4.1)
  bundler (~> 1.16)
  minitest (~> 5.0)
  mocha
  patterns!
  rake (~> 10.0)
  webmock

BUNDLED WITH
   1.16.0
